{
    "Modality":"MR",
    "MagneticFieldStrength":3,
    "ImagingFrequency":123.255482,
    "Manufacturer":"Siemens",
    "ManufacturersModelName":"TrioTim",
    "InstitutionName":"ICNAS",
    "InstitutionalDepartmentName":"Department",
    "InstitutionAddress":"Azinhaga Santa Comba StreetNo,Coimbra,District,PT,3000",
    "DeviceSerialNumber":"35377",
    "StationName":"MRC35377",
    "PatientPosition":"HFS",
    "ProcedureStepDescription":"Unknown",
    "SoftwareVersions":"syngo MR B17",
    "MRAcquisitionType":"3D",
    "SeriesDescription":"MPRAGE_p2_1mm_iso",
    "ProtocolName":"MPRAGE_p2_1mm_iso",
    "ScanningSequence":"GR\\IR",
    "SequenceVariant":"SP\\MP",
    "ScanOptions":"IR",
    "SequenceName":"tfl3d1_ns",
    "ImageType":[
        "ORIGINAL",
        "PRIMARY",
        "M",
        "ND",
        "NORM"
    ],
    "NonlinearGradientCorrection":false,
    "SeriesNumber":3,
    "AcquisitionTime":"14:49:23.025000",
    "AcquisitionNumber":1,
    "SliceThickness":1,
    "SAR":0.0657389,
    "EchoTime":0.00342,
    "RepetitionTime":2.53,
    "InversionTime":1.1,
    "FlipAngle":7,
    "PartialFourier":1,
    "BaseResolution":256,
    "ShimSetting":[
        15843,
        7533,
        21266,
        172,
        221,
        -679,
        201,
        86
    ],
    "TxRefAmp":313.849,
    "PhaseResolution":1,
    "ReceiveCoilName":"HeadMatrix",
    "CoilString":"t:HEA;HEP",
    "PulseSequenceDetails":"%CustomerSeq%\\Andre\\tfl_mgh_multiecho",
    "RefLinesPE":32,
    "CoilCombinationMethod":"Adaptive Combine",
    "MatrixCoilMode":"GRAPPA",
    "PercentPhaseFOV":100,
    "PercentSampling":100,
    "PhaseEncodingSteps":255,
    "AcquisitionMatrixPE":256,
    "ReconMatrixPE":256,
    "ParallelReductionFactorInPlane":2,
    "PixelBandwidth":195,
    "DwellTime":1e-05,
    "ImageOrientationPatientDICOM":[
        -0.0157772,
        0.999876,
        2.49298e-08,
        0.0314618,
        0.000496464,
        -0.999505
    ],
    "ImageOrientationText":"Sag>Tra(-1.8)>Cor(-0.9)",
    "InPlanePhaseEncodingDirectionDICOM":"ROW",
    "ConversionSoftware":"dcm2niix",
    "ConversionSoftwareVersion":"v1.0.20230411"
}