{
    "Modality":"MR",
    "MagneticFieldStrength":3,
    "ImagingFrequency":123.255543,
    "Manufacturer":"Siemens",
    "ManufacturersModelName":"TrioTim",
    "InstitutionName":"ICNAS",
    "InstitutionalDepartmentName":"Department",
    "InstitutionAddress":"Azinhaga Santa Comba StreetNo,Coimbra,District,PT,3000",
    "DeviceSerialNumber":"35377",
    "StationName":"MRC35377",
    "PatientPosition":"HFS",
    "ProcedureStepDescription":"Unknown",
    "SoftwareVersions":"syngo MR B17",
    "MRAcquisitionType":"2D",
    "SeriesDescription":"rtfmri_neurofeedback_AvatarVisual",
    "ProtocolName":"rtfmri_neurofeedback_AvatarVisual",
    "ScanningSequence":"EP",
    "SequenceVariant":"SK",
    "ScanOptions":"FS",
    "SequenceName":"*epfid2d1_64",
    "ImageType":[
        "ORIGINAL",
        "PRIMARY",
        "M",
        "ND",
        "MOSAIC"
    ],
    "NonlinearGradientCorrection":false,
    "SeriesNumber":4,
    "AcquisitionTime":"18:06:34.830000",
    "AcquisitionNumber":1,
    "SliceThickness":3,
    "SpacingBetweenSlices":3,
    "SAR":0.122111,
    "EchoTime":0.03,
    "RepetitionTime":2,
    "FlipAngle":90,
    "PartialFourier":1,
    "BaseResolution":64,
    "ShimSetting":[
        15850,
        7636,
        21244,
        148,
        315,
        250,
        -10,
        -93
    ],
    "TxRefAmp":320.89,
    "PhaseResolution":1,
    "ReceiveCoilName":"HeadMatrix",
    "CoilString":"C:HEA;HEP",
    "PulseSequenceDetails":"%SiemensSeq%\\ep2d_bold",
    "CoilCombinationMethod":"Sum of Squares",
    "MatrixCoilMode":"SENSE",
    "PercentPhaseFOV":100,
    "PercentSampling":100,
    "PhaseEncodingSteps":64,
    "AcquisitionMatrixPE":64,
    "ReconMatrixPE":64,
    "BandwidthPerPixelPhaseEncode":31.25,
    "EffectiveEchoSpacing":0.0005,
    "DerivedVendorReportedEchoSpacing":0.0005,
    "TotalReadoutTime":0.0315,
    "PixelBandwidth":2298,
    "DwellTime":3.4e-06,
    "PhaseEncodingDirection":"j-",
    "SliceTiming":[
        0,
        1.035,
        0.06,
        1.095,
        0.1225,
        1.155,
        0.1825,
        1.2175,
        0.2425,
        1.2775,
        0.305,
        1.3375,
        0.365,
        1.4,
        0.425,
        1.46,
        0.4875,
        1.52,
        0.5475,
        1.5825,
        0.6075,
        1.6425,
        0.67,
        1.7025,
        0.73,
        1.765,
        0.79,
        1.825,
        0.8525,
        1.885,
        0.9125,
        1.9475,
        0.9725
    ],
    "ImageOrientationPatientDICOM":[
        0.999742,
        0.0113584,
        -0.019689,
        -0.0157052,
        0.971361,
        -0.237089
    ],
    "ImageOrientationText":"Tra>Cor(-13.7)>Sag(-0.9)",
    "InPlanePhaseEncodingDirectionDICOM":"COL",
    "ConversionSoftware":"dcm2niix",
    "ConversionSoftwareVersion":"v1.0.20230411",
    "TaskName":"unknown"
}