{
    "Modality":"MR",
    "MagneticFieldStrength":3,
    "ImagingFrequency":123.25554,
    "Manufacturer":"Siemens",
    "ManufacturersModelName":"TrioTim",
    "InstitutionName":"ICNAS",
    "InstitutionalDepartmentName":"Department",
    "InstitutionAddress":"Azinhaga Santa Comba StreetNo,Coimbra,District,PT,3000",
    "DeviceSerialNumber":"35377",
    "StationName":"MRC35377",
    "PatientPosition":"HFS",
    "ProcedureStepDescription":"Unknown",
    "SoftwareVersions":"syngo MR B17",
    "MRAcquisitionType":"2D",
    "SeriesDescription":"rtfmri_neurofeedback_AvatarVisual",
    "ProtocolName":"rtfmri_neurofeedback_AvatarVisual",
    "ScanningSequence":"EP",
    "SequenceVariant":"SK",
    "ScanOptions":"FS",
    "SequenceName":"*epfid2d1_64",
    "ImageType":[
        "ORIGINAL",
        "PRIMARY",
        "M",
        "ND",
        "MOSAIC"
    ],
    "NonlinearGradientCorrection":false,
    "SeriesNumber":5,
    "AcquisitionTime":"17:07:11.792500",
    "AcquisitionNumber":1,
    "SliceThickness":3,
    "SpacingBetweenSlices":3,
    "SAR":0.140451,
    "EchoTime":0.03,
    "RepetitionTime":2,
    "FlipAngle":90,
    "PartialFourier":1,
    "BaseResolution":64,
    "ShimSetting":[
        15867,
        7551,
        21441,
        547,
        369,
        80,
        -90,
        57
    ],
    "TxRefAmp":290.862,
    "PhaseResolution":1,
    "ReceiveCoilName":"HeadMatrix",
    "CoilString":"C:HEA;HEP",
    "PulseSequenceDetails":"%SiemensSeq%\\ep2d_bold",
    "CoilCombinationMethod":"Sum of Squares",
    "MatrixCoilMode":"SENSE",
    "PercentPhaseFOV":100,
    "PercentSampling":100,
    "PhaseEncodingSteps":64,
    "AcquisitionMatrixPE":64,
    "ReconMatrixPE":64,
    "BandwidthPerPixelPhaseEncode":31.25,
    "EffectiveEchoSpacing":0.0005,
    "DerivedVendorReportedEchoSpacing":0.0005,
    "TotalReadoutTime":0.0315,
    "PixelBandwidth":2298,
    "DwellTime":3.4e-06,
    "PhaseEncodingDirection":"j-",
    "SliceTiming":[
        0,
        1.0325,
        0.06,
        1.095,
        0.12,
        1.155,
        0.1825,
        1.215,
        0.2425,
        1.2775,
        0.3025,
        1.3375,
        0.365,
        1.3975,
        0.425,
        1.46,
        0.485,
        1.52,
        0.5475,
        1.58,
        0.6075,
        1.6425,
        0.6675,
        1.7025,
        0.73,
        1.7625,
        0.79,
        1.825,
        0.85,
        1.885,
        0.9125,
        1.945,
        0.9725
    ],
    "ImageOrientationPatientDICOM":[
        0.999233,
        -0.027359,
        0.0280308,
        0.0296566,
        0.995928,
        -0.0851292
    ],
    "ImageOrientationText":"Tra>Cor(-4.9)>Sag(1.5)",
    "InPlanePhaseEncodingDirectionDICOM":"COL",
    "ConversionSoftware":"dcm2niix",
    "ConversionSoftwareVersion":"v1.0.20230411",
    "TaskName":"unknown"
}