{
  "AcquisitionMatrixPE": 64,
  "AcquisitionNumber": 1,
  "AcquisitionTime": "14:23:22.747500",
  "BandwidthPerPixelPhaseEncode": 31.25,
  "BaseResolution": 64,
  "CoilCombinationMethod": "Sum of Squares",
  "CoilString": "C:HEA;HEP",
  "ConversionSoftware": "dcm2niix",
  "ConversionSoftwareVersion": "v1.0.20211006",
  "DerivedVendorReportedEchoSpacing": 0.0005,
  "DeviceSerialNumber": "35377",
  "DwellTime": 3.4e-06,
  "EchoTime": 0.03,
  "EffectiveEchoSpacing": 0.0005,
  "FlipAngle": 90,
  "ImageOrientationPatientDICOM": [0.999877, 0.0157096, 6.84068e-05, -0.0157073, 0.999631, 0.0221816],
  "ImageOrientationText": "Tra>Cor(1.3)>Sag(-0.0)",
  "ImageType": [
    "ORIGINAL",
    "PRIMARY",
    "M",
    "ND",
    "MOSAIC"
],
  "ImagingFrequency": 123.256,
  "InPlanePhaseEncodingDirectionDICOM": "COL",
  "InstitutionAddress": "Azinhaga Santa Comba StreetNo,Coimbra,District,PT,3000",
  "InstitutionName": "IBILI",
  "InstitutionalDepartmentName": "Department",
  "MRAcquisitionType": "2D",
  "MagneticFieldStrength": 3,
  "Manufacturer": "Siemens",
  "ManufacturersModelName": "TrioTim",
  "MatrixCoilMode": "SENSE",
  "Modality": "MR",
  "PartialFourier": 1,
  "PatientPosition": "HFS",
  "PercentPhaseFOV": 100,
  "PercentSampling": 100,
  "PhaseEncodingDirection": "j-",
  "PhaseEncodingSteps": 64,
  "PhaseResolution": 1,
  "PixelBandwidth": 2298,
  "ProcedureStepDescription": "Unknown",
  "ProtocolName": "rtfmri_neurofeedback_AvatarAuditivo",
  "PulseSequenceDetails": "%SiemensSeq%\\ep2d_bold",
  "ReceiveCoilName": "HeadMatrix",
  "ReconMatrixPE": 64,
  "RepetitionTime": 2,
  "SAR": 0.199886,
  "ScanOptions": "FS",
  "ScanningSequence": "EP",
  "SequenceName": "*epfid2d1_64",
  "SequenceVariant": "SK",
  "SeriesDescription": "rtfmri_neurofeedback_AvatarAuditivo",
  "SeriesNumber": 5,
  "ShimSetting": [15819, 7513, 21280, 721, 353, -56, -315, 62],
  "SliceThickness": 3,
  "SliceTiming": [0, 1.035, 0.0625, 1.095, 0.1225, 1.1575, 0.1825, 1.2175, 0.245, 1.2775, 0.305, 1.34, 0.365, 1.4, 0.4275, 1.46, 0.4875, 1.5225, 0.5475, 1.5825, 0.61, 1.6425, 0.67, 1.705, 0.73, 1.765, 0.7925, 1.825, 0.8525, 1.8875, 0.9125, 1.9475, 0.975],
  "SoftwareVersions": "syngo MR B17",
  "SpacingBetweenSlices": 3,
  "StationName": "MRC35377",
  "TaskName": "auditoryfeedback",
  "TotalReadoutTime": 0.0315,
  "TxRefAmp": 372.554,
  "dcmmeta_affine": [
    [-3.9995064735412598, -0.06282909959554672, -0.0008402488310821354, 126.8336410522461],
    [-0.06283849477767944, 3.9985222816467285, 0.06653978675603867, -84.45050811767578],
    [0.0002736271417234093, -0.08872637152671814, 2.9992618560791016, -59.50779342651367],
    [0.0, 0.0, 0.0, 1.0]
],
  "dcmmeta_reorient_transform": [
    [0.0, -1.0, 0.0, 63.0],
    [1.0, 0.0, 0.0, 0.0],
    [0.0, 0.0, 1.0, 0.0],
    [0.0, 0.0, 0.0, 1.0]
],
  "dcmmeta_shape": [64, 64, 33, 300],
  "dcmmeta_slice_dim": 2,
  "dcmmeta_version": 0.6,
  "global": {
    "const": {
      "AccessionNumber": "MJP20150429-0471",
      "AcquisitionMatrix": [64, 0, 0, 64],
      "Allergies": "MEDALERGIESL",
      "AngioFlag": "N",
      "BitsAllocated": 16,
      "BitsStored": 12,
      "Columns": 384,
      "EchoNumbers": 1,
      "EchoTime": 30.0,
      "EchoTrainLength": 1,
      "FlipAngle": 90.0,
      "HighBit": 11,
      "ImageOrientationPatient": [0.99987659391069, 0.01570962348594, 6.840678421e-05, -0.0157072754831, 0.99963056099282, 0.02218159205474],
      "ImagePositionPatient": [-752.74376852035, -817.27410912231, -79.337552788735],
      "ImageType": [
        "ORIGINAL",
        "PRIMARY",
        "M",
        "ND",
        "MOSAIC"
],
      "ImagedNucleus": "1H",
      "ImagingFrequency": 123.255611,
      "InPlanePhaseEncodingDirection": "COL",
      "MRAcquisitionType": "2D",
      "MagneticFieldStrength": 3.0,
      "Manufacturer": "SIEMENS",
      "ManufacturerModelName": "TrioTim",
      "MedicalAlerts": "MEDALERTS",
      "Modality": "MR",
      "NumberOfAverages": 1.0,
      "NumberOfPhaseEncodingSteps": 64,
      "PercentPhaseFieldOfView": 100.0,
      "PercentSampling": 100.0,
      "PerformedProcedureStepStartTime": "140257.187000",
      "PhotometricInterpretation": "MONOCHROME2",
      "PixelBandwidth": 2298.0,
      "PixelRepresentation": 0,
      "PixelSpacing": [4.0, 4.0],
      "ProtocolName": "rtfmri_neurofeedback_AvatarAuditivo",
      "RepetitionTime": 2000.0,
      "RequestAttributesSequence": [
        {
          "RequestedProcedureID": "adb4ca85-d564-49",
          "ScheduledProcedureStepDescription": "Unknown",
          "ScheduledProcedureStepID": "adb4ca85-d564-49"
        }
],
      "Rows": 384,
      "SAR": 0.19988607883648,
      "SamplesPerPixel": 1,
      "ScanOptions": "FS",
      "ScanningSequence": "EP",
      "SequenceName": "*epfid2d1_64",
      "SequenceVariant": "SK",
      "SeriesDescription": "rtfmri_neurofeedback_AvatarAuditivo",
      "SeriesNumber": 5,
      "SeriesTime": "142325.515000",
      "SliceLocation": -61.401781070008,
      "SliceThickness": 3.0,
      "SmallestImagePixelValue": 0,
      "SoftwareVersions": "syngo MR B17",
      "SpacingBetweenSlices": 2.9999999905782,
      "SpecificCharacterSet": "ISO_IR 100",
      "StudyID": "adb4ca85-d564-49",
      "StudyTime": "140257.125000",
      "TransmitCoilName": "Body",
      "VariableFlipAngleFlag": "N",
      "WindowCenterWidthExplanation": "Algo1",
      "dBdt": 0.0},
