{
    "Modality":"MR",
    "MagneticFieldStrength":3,
    "ImagingFrequency":123.255555,
    "Manufacturer":"Siemens",
    "ManufacturersModelName":"TrioTim",
    "InstitutionName":"ICNAS",
    "InstitutionalDepartmentName":"Department",
    "InstitutionAddress":"Azinhaga Santa Comba StreetNo,Coimbra,District,PT,3000",
    "DeviceSerialNumber":"35377",
    "StationName":"MRC35377",
    "PatientPosition":"HFS",
    "ProcedureStepDescription":"Unknown",
    "SoftwareVersions":"syngo MR B17",
    "MRAcquisitionType":"3D",
    "SeriesDescription":"MPRAGE_p2_1mm_iso",
    "ProtocolName":"MPRAGE_p2_1mm_iso",
    "ScanningSequence":"GR\\IR",
    "SequenceVariant":"SP\\MP",
    "ScanOptions":"IR",
    "SequenceName":"tfl3d1_ns",
    "ImageType":[
        "ORIGINAL",
        "PRIMARY",
        "M",
        "ND",
        "NORM"
    ],
    "NonlinearGradientCorrection":false,
    "SeriesNumber":2,
    "AcquisitionTime":"17:42:18.460000",
    "AcquisitionNumber":1,
    "SliceThickness":1,
    "SAR":0.0501056,
    "EchoTime":0.00342,
    "RepetitionTime":2.53,
    "InversionTime":1.1,
    "FlipAngle":7,
    "PartialFourier":1,
    "BaseResolution":256,
    "ShimSetting":[
        15846,
        7607,
        21220,
        51,
        377,
        -200,
        172,
        -59
    ],
    "TxRefAmp":320.89,
    "PhaseResolution":1,
    "ReceiveCoilName":"HeadMatrix",
    "CoilString":"t:HEA;HEP",
    "PulseSequenceDetails":"%CustomerSeq%\\Andre\\tfl_mgh_multiecho",
    "RefLinesPE":32,
    "CoilCombinationMethod":"Adaptive Combine",
    "MatrixCoilMode":"GRAPPA",
    "PercentPhaseFOV":100,
    "PercentSampling":100,
    "PhaseEncodingSteps":255,
    "AcquisitionMatrixPE":256,
    "ReconMatrixPE":256,
    "ParallelReductionFactorInPlane":2,
    "PixelBandwidth":195,
    "DwellTime":1e-05,
    "ImageOrientationPatientDICOM":[
        -0.00356618,
        0.999994,
        -8.17837e-09,
        -0.0260834,
        -9.30266e-05,
        -0.99966
    ],
    "ImageOrientationText":"Sag>Tra(1.5)>Cor(-0.2)",
    "InPlanePhaseEncodingDirectionDICOM":"ROW",
    "ConversionSoftware":"dcm2niix",
    "ConversionSoftwareVersion":"v1.0.20230411"
}