{
  "AcquisitionMatrixPE": 64,
  "AcquisitionNumber": 1,
  "AcquisitionTime": "15:38:42.772500",
  "BandwidthPerPixelPhaseEncode": 31.25,
  "BaseResolution": 64,
  "CoilCombinationMethod": "Sum of Squares",
  "CoilString": "C:HEA;HEP",
  "ConversionSoftware": "dcm2niix",
  "ConversionSoftwareVersion": "v1.0.20211006",
  "DerivedVendorReportedEchoSpacing": 0.0005,
  "DeviceSerialNumber": "35377",
  "DwellTime": 3.4e-06,
  "EchoTime": 0.03,
  "EffectiveEchoSpacing": 0.0005,
  "FlipAngle": 90,
  "ImageOrientationPatientDICOM": [0.999506, 0.0313522, -0.00211526, -0.0314108, 0.998751, -0.0388448],
  "ImageOrientationText": "Tra>Cor(-2.2)>Sag(-0.1)",
  "ImageType": [
    "ORIGINAL",
    "PRIMARY",
    "M",
    "ND",
    "MOSAIC"
],
  "ImagingFrequency": 123.256,
  "InPlanePhaseEncodingDirectionDICOM": "COL",
  "InstitutionAddress": "Azinhaga Santa Comba StreetNo,Coimbra,District,PT,3000",
  "InstitutionName": "IBILI",
  "InstitutionalDepartmentName": "Department",
  "MRAcquisitionType": "2D",
  "MagneticFieldStrength": 3,
  "Manufacturer": "Siemens",
  "ManufacturersModelName": "TrioTim",
  "MatrixCoilMode": "SENSE",
  "Modality": "MR",
  "PartialFourier": 1,
  "PatientPosition": "HFS",
  "PercentPhaseFOV": 100,
  "PercentSampling": 100,
  "PhaseEncodingDirection": "j-",
  "PhaseEncodingSteps": 64,
  "PhaseResolution": 1,
  "PixelBandwidth": 2298,
  "ProcedureStepDescription": "Unknown",
  "ProtocolName": "rtfmri_neurofeedback_AvatarVisual",
  "PulseSequenceDetails": "%SiemensSeq%\\ep2d_bold",
  "ReceiveCoilName": "HeadMatrix",
  "ReconMatrixPE": 64,
  "RepetitionTime": 2,
  "SAR": 0.145204,
  "ScanOptions": "FS",
  "ScanningSequence": "EP",
  "SequenceName": "*epfid2d1_64",
  "SequenceVariant": "SK",
  "SeriesDescription": "rtfmri_neurofeedback_AvatarVisual",
  "SeriesNumber": 9,
  "ShimSetting": [15820, 7574, 21282, 452, 155, -499, 146, -29],
  "SliceThickness": 3,
  "SliceTiming": [0, 1.035, 0.0625, 1.095, 0.1225, 1.1575, 0.1825, 1.2175, 0.245, 1.2775, 0.305, 1.34, 0.365, 1.4, 0.4275, 1.46, 0.4875, 1.5225, 0.5475, 1.5825, 0.61, 1.6425, 0.67, 1.705, 0.73, 1.765, 0.7925, 1.825, 0.8525, 1.8875, 0.9125, 1.9475, 0.975],
  "SoftwareVersions": "syngo MR B17",
  "SpacingBetweenSlices": 3,
  "StationName": "MRC35377",
  "TaskName": "visualfeedback",
  "TotalReadoutTime": 0.0315,
  "TxRefAmp": 387.387,
  "dcmmeta_affine": [
    [-3.9980247020721436, -0.1256430745124817, -0.002684251172468066, 135.4021759033203],
    [-0.12540893256664276, 3.9950058460235596, -0.11667603999376297, -80.29463195800781],
    [-0.00846104510128498, 0.1553790122270584, 2.9977290630340576, -68.90679931640625],
    [0.0, 0.0, 0.0, 1.0]
],
  "dcmmeta_reorient_transform": [
    [0.0, -1.0, 0.0, 63.0],
    [1.0, 0.0, 0.0, 0.0],
    [0.0, 0.0, 1.0, 0.0],
    [0.0, 0.0, 0.0, 1.0]
],
  "dcmmeta_shape": [64, 64, 33, 300],
  "dcmmeta_slice_dim": 2,
  "dcmmeta_version": 0.6,
  "global": {
    "const": {
      "AccessionNumber": "RJS20150417-0556",
      "AcquisitionMatrix": [64, 0, 0, 64],
      "Allergies": "MEDALERGIESL",
      "AngioFlag": "N",
      "BitsAllocated": 16,
      "BitsStored": 12,
      "Columns": 384,
      "EchoNumbers": 1,
      "EchoTime": 30.0,
      "EchoTrainLength": 1,
      "FlipAngle": 90.0,
      "HighBit": 11,
      "ImageOrientationPatient": [0.99950615957797, 0.03135223493527, -0.0021152612742, -0.0314107686543, 0.99875144487711, -0.0388447547092],
      "ImagePositionPatient": [-747.06770648219, -830.65709023775, -32.903509421514],
      "ImageType": [
        "ORIGINAL",
        "PRIMARY",
        "M",
        "ND",
        "MOSAIC"
],
      "ImagedNucleus": "1H",
      "ImagingFrequency": 123.255647,
      "InPlanePhaseEncodingDirection": "COL",
      "MRAcquisitionType": "2D",
      "MagneticFieldStrength": 3.0,
      "Manufacturer": "SIEMENS",
      "ManufacturerModelName": "TrioTim",
      "MedicalAlerts": "MEDALERTS",
      "Modality": "MR",
      "NumberOfAverages": 1.0,
      "NumberOfPhaseEncodingSteps": 64,
      "PercentPhaseFieldOfView": 100.0,
      "PercentSampling": 100.0,
      "PerformedProcedureStepStartTime": "140949.890000",
      "PhotometricInterpretation": "MONOCHROME2",
      "PixelBandwidth": 2298.0,
      "PixelRepresentation": 0,
      "PixelSpacing": [4.0, 4.0],
      "ProtocolName": "rtfmri_neurofeedback_AvatarVisual",
      "RepetitionTime": 2000.0,
      "RequestAttributesSequence": [
        {
          "RequestedProcedureID": "bdce7d2d-2ec7-4d",
          "ScheduledProcedureStepDescription": "Unknown",
          "ScheduledProcedureStepID": "bdce7d2d-2ec7-4d"
        }
],
      "Rows": 384,
      "SAR": 0.1452037986012,
      "SamplesPerPixel": 1,
      "ScanOptions": "FS",
      "ScanningSequence": "EP",
      "SequenceName": "*epfid2d1_64",
      "SequenceVariant": "SK",
      "SeriesDescription": "rtfmri_neurofeedback_AvatarVisual",
      "SeriesNumber": 9,
      "SeriesTime": "153847.187000",
      "SliceLocation": -65.852968033003,
      "SliceThickness": 3.0,
      "SmallestImagePixelValue": 0,
      "SoftwareVersions": "syngo MR B17",
      "SpacingBetweenSlices": 3.0000000038701,
      "SpecificCharacterSet": "ISO_IR 100",
      "StudyID": "bdce7d2d-2ec7-4d",
      "StudyTime": "140949.828000",
      "TransmitCoilName": "Body",
      "VariableFlipAngleFlag": "N",
      "WindowCenterWidthExplanation": "Algo1",
      "dBdt": 0.0},
