{
    "Modality":"MR",
    "MagneticFieldStrength":3,
    "ImagingFrequency":123.255483,
    "Manufacturer":"Siemens",
    "ManufacturersModelName":"TrioTim",
    "InstitutionName":"ICNAS",
    "InstitutionalDepartmentName":"Department",
    "InstitutionAddress":"Azinhaga Santa Comba StreetNo,Coimbra,District,PT,3000",
    "DeviceSerialNumber":"35377",
    "StationName":"MRC35377",
    "PatientPosition":"HFS",
    "ProcedureStepDescription":"Unknown",
    "SoftwareVersions":"syngo MR B17",
    "MRAcquisitionType":"2D",
    "SeriesDescription":"rtfmri_neurofeedback_AvatarAuditivo",
    "ProtocolName":"rtfmri_neurofeedback_AvatarAuditivo",
    "ScanningSequence":"EP",
    "SequenceVariant":"SK",
    "ScanOptions":"FS",
    "SequenceName":"*epfid2d1_64",
    "ImageType":[
        "ORIGINAL",
        "PRIMARY",
        "M",
        "ND",
        "MOSAIC"
    ],
    "NonlinearGradientCorrection":false,
    "SeriesNumber":5,
    "AcquisitionTime":"16:42:15.782500",
    "AcquisitionNumber":1,
    "SliceThickness":3,
    "SpacingBetweenSlices":3,
    "SAR":0.151901,
    "EchoTime":0.03,
    "RepetitionTime":2,
    "FlipAngle":90,
    "PartialFourier":1,
    "BaseResolution":64,
    "ShimSetting":[
        15805,
        7576,
        21295,
        551,
        235,
        -248,
        68,
        138
    ],
    "TxRefAmp":322.119,
    "PhaseResolution":1,
    "ReceiveCoilName":"HeadMatrix",
    "CoilString":"C:HEA;HEP",
    "PulseSequenceDetails":"%SiemensSeq%\\ep2d_bold",
    "CoilCombinationMethod":"Sum of Squares",
    "MatrixCoilMode":"SENSE",
    "PercentPhaseFOV":100,
    "PercentSampling":100,
    "PhaseEncodingSteps":64,
    "AcquisitionMatrixPE":64,
    "ReconMatrixPE":64,
    "BandwidthPerPixelPhaseEncode":31.25,
    "EffectiveEchoSpacing":0.0005,
    "DerivedVendorReportedEchoSpacing":0.0005,
    "TotalReadoutTime":0.0315,
    "PixelBandwidth":2298,
    "DwellTime":3.4e-06,
    "PhaseEncodingDirection":"j-",
    "SliceTiming":[
        0,
        1.035,
        0.0625,
        1.095,
        0.1225,
        1.1575,
        0.1825,
        1.2175,
        0.245,
        1.2775,
        0.305,
        1.34,
        0.365,
        1.4,
        0.4275,
        1.46,
        0.4875,
        1.5225,
        0.5475,
        1.5825,
        0.61,
        1.6425,
        0.67,
        1.705,
        0.73,
        1.765,
        0.7925,
        1.825,
        0.8525,
        1.8875,
        0.9125,
        1.9475,
        0.975
    ],
    "ImageOrientationPatientDICOM":[
        0.99898,
        0.0339813,
        -0.0297461,
        -0.0331396,
        0.999049,
        0.0283462
    ],
    "ImageOrientationText":"Tra>Sag(-1.8)>Cor(1.6)",
    "InPlanePhaseEncodingDirectionDICOM":"COL",
    "ConversionSoftware":"dcm2niix",
    "ConversionSoftwareVersion":"v1.0.20230411",
    "TaskName":"unknown"
}