{
  "AcquisitionMatrixPE": 64,
  "AcquisitionNumber": 1,
  "AcquisitionTime": "15:57:3.757500",
  "BandwidthPerPixelPhaseEncode": 31.25,
  "BaseResolution": 64,
  "CoilCombinationMethod": "Sum of Squares",
  "CoilString": "C:HEA;HEP",
  "ConversionSoftware": "dcm2niix",
  "ConversionSoftwareVersion": "v1.0.20211006",
  "DerivedVendorReportedEchoSpacing": 0.0005,
  "DeviceSerialNumber": "35377",
  "DwellTime": 3.4e-06,
  "EchoTime": 0.03,
  "EffectiveEchoSpacing": 0.0005,
  "FlipAngle": 90,
  "ImageOrientationPatientDICOM": [0.999361, 0.000394346, 0.0357287, -0.0034885, 0.996239, 0.0865805],
  "ImageOrientationText": "Tra>Cor(5.0)>Sag(2.0)",
  "ImageType": [
    "ORIGINAL",
    "PRIMARY",
    "M",
    "ND",
    "MOSAIC"
],
  "ImagingFrequency": 123.256,
  "InPlanePhaseEncodingDirectionDICOM": "COL",
  "InstitutionAddress": "Azinhaga Santa Comba StreetNo,Coimbra,District,PT,3000",
  "InstitutionName": "IBILI",
  "InstitutionalDepartmentName": "Department",
  "MRAcquisitionType": "2D",
  "MagneticFieldStrength": 3,
  "Manufacturer": "Siemens",
  "ManufacturersModelName": "TrioTim",
  "MatrixCoilMode": "SENSE",
  "Modality": "MR",
  "PartialFourier": 1,
  "PatientPosition": "HFS",
  "PercentPhaseFOV": 100,
  "PercentSampling": 100,
  "PhaseEncodingDirection": "j-",
  "PhaseEncodingSteps": 64,
  "PhaseResolution": 1,
  "PixelBandwidth": 2298,
  "ProcedureStepDescription": "Unknown",
  "ProtocolName": "rtfmri_neurofeedback_AvatarNofeedback",
  "PulseSequenceDetails": "%SiemensSeq%\\ep2d_bold",
  "ReceiveCoilName": "HeadMatrix",
  "ReconMatrixPE": 64,
  "RepetitionTime": 2,
  "SAR": 0.183853,
  "ScanOptions": "FS",
  "ScanningSequence": "EP",
  "SequenceName": "*epfid2d1_64",
  "SequenceVariant": "SK",
  "SeriesDescription": "rtfmri_neurofeedback_AvatarNofeedback",
  "SeriesNumber": 7,
  "ShimSetting": [15856, 7507, 21311, 469, 413, -718, 219, 54],
  "SliceThickness": 3,
  "SliceTiming": [0, 1.035, 0.06, 1.095, 0.1225, 1.155, 0.1825, 1.2175, 0.2425, 1.2775, 0.305, 1.3375, 0.365, 1.4, 0.425, 1.46, 0.4875, 1.52, 0.5475, 1.5825, 0.6075, 1.6425, 0.67, 1.7025, 0.73, 1.765, 0.79, 1.825, 0.8525, 1.885, 0.9125, 1.9475, 0.9725],
  "SoftwareVersions": "syngo MR B17",
  "SpacingBetweenSlices": 3,
  "StationName": "MRC35377",
  "TaskName": "nofeedback",
  "TotalReadoutTime": 0.0315,
  "TxRefAmp": 384.068,
  "dcmmeta_affine": [
    [-3.997445821762085, -0.013953989371657372, 0.1066804900765419, 128.3829803466797],
    [-0.0015773845370858908, 3.984955072402954, 0.2599494755268097, -93.36419677734375],
    [0.1429147571325302, -0.34632188081741333, 2.986811876296997, -53.65754699707031],
    [0.0, 0.0, 0.0, 1.0]
],
  "dcmmeta_reorient_transform": [
    [0.0, -1.0, 0.0, 63.0],
    [1.0, 0.0, 0.0, 0.0],
    [0.0, 0.0, 1.0, 0.0],
    [0.0, 0.0, 0.0, 1.0]
],
  "dcmmeta_shape": [64, 64, 33, 300],
  "dcmmeta_slice_dim": 2,
  "dcmmeta_version": 0.6,
  "global": {
    "const": {
      "AccessionNumber": "AMS20150402-0241",
      "AcquisitionMatrix": [64, 0, 0, 64],
      "Allergies": "MEDALERGIESL",
      "AngioFlag": "N",
      "BitsAllocated": 16,
      "BitsStored": 12,
      "Columns": 384,
      "EchoNumbers": 1,
      "EchoTime": 30.0,
      "EchoTrainLength": 1,
      "FlipAngle": 90.0,
      "HighBit": 11,
      "ImageOrientationPatient": [0.99936144869593, 0.00039434612034, 0.03572869087313, -0.0034884973087, 0.99623875283767, 0.08658046968555],
      "ImagePositionPatient": [-764.86256306844, -795.5331546311, -153.75368677392],
      "ImageType": [
        "ORIGINAL",
        "PRIMARY",
        "M",
        "ND",
        "MOSAIC"
],
      "ImagedNucleus": "1H",
      "ImagingFrequency": 123.255642,
      "InPlanePhaseEncodingDirection": "COL",
      "MRAcquisitionType": "2D",
      "MagneticFieldStrength": 3.0,
      "Manufacturer": "SIEMENS",
      "ManufacturerModelName": "TrioTim",
      "MedicalAlerts": "MEDALERTS",
      "Modality": "MR",
      "NumberOfAverages": 1.0,
      "NumberOfPhaseEncodingSteps": 64,
      "PercentPhaseFieldOfView": 100.0,
      "PercentSampling": 100.0,
      "PerformedProcedureStepStartTime": "151454.015000",
      "PhotometricInterpretation": "MONOCHROME2",
      "PixelBandwidth": 2298.0,
      "PixelRepresentation": 0,
      "PixelSpacing": [4.0, 4.0],
      "ProtocolName": "rtfmri_neurofeedback_AvatarNofeedback",
      "RepetitionTime": 2000.0,
      "RequestAttributesSequence": [
        {
          "RequestedProcedureID": "c4a23d8c-f825-4b",
          "ScheduledProcedureStepDescription": "Unknown",
          "ScheduledProcedureStepID": "c4a23d8c-f825-4b"
        }
],
      "Rows": 384,
      "SAR": 0.18385253339636,
      "SamplesPerPixel": 1,
      "ScanOptions": "FS",
      "ScanningSequence": "EP",
      "SequenceName": "*epfid2d1_64",
      "SequenceVariant": "SK",
      "SeriesDescription": "rtfmri_neurofeedback_AvatarNofeedback",
      "SeriesNumber": 7,
      "SeriesTime": "155706.921000",
      "SliceLocation": -56.946337248496,
      "SliceThickness": 3.0,
      "SmallestImagePixelValue": 0,
      "SoftwareVersions": "syngo MR B17",
      "SpacingBetweenSlices": 2.9999999381853,
      "SpecificCharacterSet": "ISO_IR 100",
      "StudyID": "c4a23d8c-f825-4b",
      "StudyTime": "151453.953000",
      "TransmitCoilName": "Body",
      "VariableFlipAngleFlag": "N",
      "WindowCenterWidthExplanation": "Algo1",
      "dBdt": 0.0},
