{
  "AcquisitionMatrixPE": 64,
  "AcquisitionNumber": 1,
  "AcquisitionTime": "12:02:30.752500",
  "BandwidthPerPixelPhaseEncode": 31.25,
  "BaseResolution": 64,
  "CoilCombinationMethod": "Sum of Squares",
  "CoilString": "C:HEA;HEP",
  "ConversionSoftware": "dcm2niix",
  "ConversionSoftwareVersion": "v1.0.20211006",
  "DerivedVendorReportedEchoSpacing": 0.0005,
  "DeviceSerialNumber": "35377",
  "DwellTime": 3.4e-06,
  "EchoTime": 0.03,
  "EffectiveEchoSpacing": 0.0005,
  "FlipAngle": 90,
  "ImageOrientationPatientDICOM": [0.998125, -0.0502415, -0.0349588, 0.0575515, 0.964802, 0.256602],
  "ImageOrientationText": "Tra>Cor(15.0)>Sag(-1.2)",
  "ImageType": [
    "ORIGINAL",
    "PRIMARY",
    "M",
    "ND",
    "MOSAIC"
],
  "ImagingFrequency": 123.256,
  "InPlanePhaseEncodingDirectionDICOM": "COL",
  "InstitutionAddress": "Azinhaga Santa Comba StreetNo,Coimbra,District,PT,3000",
  "InstitutionName": "IBILI",
  "InstitutionalDepartmentName": "Department",
  "MRAcquisitionType": "2D",
  "MagneticFieldStrength": 3,
  "Manufacturer": "Siemens",
  "ManufacturersModelName": "TrioTim",
  "MatrixCoilMode": "SENSE",
  "Modality": "MR",
  "PartialFourier": 1,
  "PatientPosition": "HFS",
  "PercentPhaseFOV": 100,
  "PercentSampling": 100,
  "PhaseEncodingDirection": "j-",
  "PhaseEncodingSteps": 64,
  "PhaseResolution": 1,
  "PixelBandwidth": 2298,
  "ProcedureStepDescription": "Unknown",
  "ProtocolName": "rtfmri_neurofeedback_AvatarAuditivo",
  "PulseSequenceDetails": "%SiemensSeq%\\ep2d_bold",
  "ReceiveCoilName": "HeadMatrix",
  "ReconMatrixPE": 64,
  "RepetitionTime": 2,
  "SAR": 0.154359,
  "ScanOptions": "FS",
  "ScanningSequence": "EP",
  "SequenceName": "*epfid2d1_64",
  "SequenceVariant": "SK",
  "SeriesDescription": "rtfmri_neurofeedback_AvatarAuditivo",
  "SeriesNumber": 5,
  "ShimSetting": [15814, 7385, 21391, 595, 285, -707, 219, 83],
  "SliceThickness": 3,
  "SliceTiming": [0, 1.0325, 0.06, 1.095, 0.12, 1.155, 0.1825, 1.215, 0.2425, 1.2775, 0.3025, 1.3375, 0.365, 1.3975, 0.425, 1.46, 0.485, 1.52, 0.5475, 1.58, 0.6075, 1.6425, 0.6675, 1.7025, 0.73, 1.7625, 0.79, 1.825, 0.85, 1.885, 0.9125, 1.945, 0.9725],
  "SoftwareVersions": "syngo MR B17",
  "SpacingBetweenSlices": 3,
  "StationName": "MRC35377",
  "TaskName": "auditoryfeedback",
  "TotalReadoutTime": 0.0315,
  "TxRefAmp": 349.461,
  "dcmmeta_affine": [
    [-3.9925003051757812, 0.2302059829235077, -0.06250888109207153, 134.79373168945312],
    [0.20096594095230103, 3.8592090606689453, 0.7743975520133972, -94.18177032470703],
    [-0.13983526825904846, -1.0264067649841309, 2.8976542949676514, -2.776134490966797],
    [0.0, 0.0, 0.0, 1.0]
],
  "dcmmeta_reorient_transform": [
    [0.0, -1.0, 0.0, 63.0],
    [1.0, 0.0, 0.0, 0.0],
    [0.0, 0.0, 1.0, 0.0],
    [0.0, 0.0, 0.0, 1.0]
],
  "dcmmeta_shape": [64, 64, 33, 300],
  "dcmmeta_slice_dim": 2,
  "dcmmeta_version": 0.6,
  "global": {
    "const": {
      "AccessionNumber": "PAS20150305-0034",
      "AcquisitionMatrix": [64, 0, 0, 64],
      "Allergies": "MEDALERGIESL",
      "AngioFlag": "N",
      "BitsAllocated": 16,
      "BitsStored": 12,
      "Columns": 384,
      "EchoNumbers": 1,
      "EchoTime": 30.0,
      "EchoTrainLength": 1,
      "FlipAngle": 90.0,
      "HighBit": 11,
      "ImageOrientationPatient": [0.99812507952821, -0.0502414853227, -0.0349588153313, 0.05755149422099, 0.96480225691362, 0.25660169634537],
      "ImagePositionPatient": [-824.92971838822, -734.26729515566, -209.2912058854],
      "ImageType": [
        "ORIGINAL",
        "PRIMARY",
        "M",
        "ND",
        "MOSAIC"
],
      "ImagedNucleus": "1H",
      "ImagingFrequency": 123.255595,
      "InPlanePhaseEncodingDirection": "COL",
      "MRAcquisitionType": "2D",
      "MagneticFieldStrength": 3.0,
      "Manufacturer": "SIEMENS",
      "ManufacturerModelName": "TrioTim",
      "MedicalAlerts": "MEDALERTS",
      "Modality": "MR",
      "NumberOfAverages": 1.0,
      "NumberOfPhaseEncodingSteps": 64,
      "PercentPhaseFieldOfView": 100.0,
      "PercentSampling": 100.0,
      "PerformedProcedureStepStartTime": "113258.859000",
      "PhotometricInterpretation": "MONOCHROME2",
      "PixelBandwidth": 2298.0,
      "PixelRepresentation": 0,
      "PixelSpacing": [4.0, 4.0],
      "ProtocolName": "rtfmri_neurofeedback_AvatarAuditivo",
      "RepetitionTime": 2000.0,
      "RequestAttributesSequence": [
        {
          "RequestedProcedureID": "5c434816-a9e5-4a",
          "ScheduledProcedureStepDescription": "Unknown",
          "ScheduledProcedureStepID": "5c434816-a9e5-4a"
        }
],
      "Rows": 384,
      "SAR": 0.15435906695833,
      "SamplesPerPixel": 1,
      "ScanOptions": "FS",
      "ScanningSequence": "EP",
      "SequenceName": "*epfid2d1_64",
      "SequenceVariant": "SK",
      "SeriesDescription": "rtfmri_neurofeedback_AvatarAuditivo",
      "SeriesNumber": 5,
      "SeriesTime": "120234.281000",
      "SliceLocation": -29.801405021225,
      "SliceThickness": 3.0,
      "SmallestImagePixelValue": 0,
      "SoftwareVersions": "syngo MR B17",
      "SpacingBetweenSlices": 3.0000000048422,
      "SpecificCharacterSet": "ISO_IR 100",
      "StudyID": "5c434816-a9e5-4a",
      "StudyTime": "113258.796000",
      "TransmitCoilName": "Body",
      "VariableFlipAngleFlag": "N",
      "WindowCenterWidthExplanation": "Algo1",
      "dBdt": 0.0},
