{
  "AcquisitionMatrixPE": 256,
  "AcquisitionNumber": 1,
  "AcquisitionTime": "13:39:1.410000",
  "BaseResolution": 256,
  "CoilCombinationMethod": "Adaptive Combine",
  "CoilString": "t:HEA;HEP",
  "ConversionSoftware": "dcm2niix",
  "ConversionSoftwareVersion": "v1.0.20211006",
  "DeviceSerialNumber": "35377",
  "DwellTime": 1e-05,
  "EchoTime": 0.00342,
  "FlipAngle": 7,
  "ImageOrientationPatientDICOM": [0.0452787, 0.998974, 1.37835e-08, -0.0138627, 0.000628341, -0.999904],
  "ImageOrientationText": "Sag>Cor(2.6)>Tra(0.8)",
  "ImageType": [
    "ORIGINAL",
    "PRIMARY",
    "M",
    "ND",
    "NORM"
],
  "ImagingFrequency": 123.256,
  "InPlanePhaseEncodingDirectionDICOM": "ROW",
  "InstitutionAddress": "Azinhaga Santa Comba StreetNo,Coimbra,District,PT,3000",
  "InstitutionName": "ICNAS",
  "InstitutionalDepartmentName": "Department",
  "InversionTime": 1.1,
  "MRAcquisitionType": "3D",
  "MagneticFieldStrength": 3,
  "Manufacturer": "Siemens",
  "ManufacturersModelName": "TrioTim",
  "MatrixCoilMode": "GRAPPA",
  "Modality": "MR",
  "ParallelReductionFactorInPlane": 2,
  "PartialFourier": 1,
  "PatientPosition": "HFS",
  "PercentPhaseFOV": 100,
  "PercentSampling": 100,
  "PhaseEncodingSteps": 255,
  "PhaseResolution": 1,
  "PixelBandwidth": 195,
  "ProcedureStepDescription": "Unknown",
  "ProtocolName": "MPRAGE_p2_1mm_iso",
  "PulseSequenceDetails": "%CustomerSeq%\\Andre\\tfl_mgh_multiecho",
  "ReceiveCoilName": "HeadMatrix",
  "ReconMatrixPE": 256,
  "RefLinesPE": 32,
  "RepetitionTime": 2.53,
  "SAR": 0.0771829,
  "ScanOptions": "IR",
  "ScanningSequence": "GR\\IR",
  "SequenceName": "tfl3d1_ns",
  "SequenceVariant": "SP\\MP",
  "SeriesDescription": "MPRAGE_p2_1mm_iso",
  "SeriesNumber": 2,
  "ShimSetting": [15814, 7464, 21355, 64, 317, -673, 161, 29],
  "SliceThickness": 1,
  "SoftwareVersions": "syngo MR B17",
  "StationName": "MRC35377",
  "TxRefAmp": 366.83,
  "dcmmeta_affine": [
    [0.9988781809806824, 0.04527866467833519, -0.01386265829205513, -93.81519317626953],
    [-0.04527430608868599, 0.9989743828773499, 0.0006283408729359508, -80.34571838378906],
    [0.013876891694962978, -1.3783523655774843e-08, 0.9999037384986877, -148.5964813232422],
    [0.0, 0.0, 0.0, 1.0]
],
  "dcmmeta_reorient_transform": [
    [0.0, 0.0, -1.0, 255.0],
    [0.0, -1.0, 0.0, 255.0],
    [-1.0, 0.0, 0.0, 175.0],
    [0.0, 0.0, 0.0, 1.0]
],
  "dcmmeta_shape": [176, 256, 256],
  "dcmmeta_slice_dim": 0,
  "dcmmeta_version": 0.6,
  "global": {
    "const": {
      "AccessionNumber": "JVD20150220-0653",
      "AcquisitionMatrix": [0, 256, 256, 0],
      "AcquisitionNumber": 1,
      "AcquisitionTime": "133901.410000",
      "Allergies": "MEDALERGIESL",
      "AngioFlag": "N",
      "BitsAllocated": 16,
      "BitsStored": 12,
      "Columns": 256,
      "EchoNumbers": 1,
      "EchoTime": 3.42,
      "EchoTrainLength": 1,
      "FlipAngle": 7.0,
      "HighBit": 11,
      "ImageOrientationPatient": [0.04527866563228, 0.99897439528677, 1.3783524e-08, -0.0138626587363, 0.00062834090128, -0.9999037113045],
      "ImageType": [
        "ORIGINAL",
        "PRIMARY",
        "M",
        "ND",
        "NORM"
],
      "ImagedNucleus": "1H",
      "ImagingFrequency": 123.255655,
      "InPlanePhaseEncodingDirection": "ROW",
      "InversionTime": 1100.0,
      "MRAcquisitionType": "3D",
      "MagneticFieldStrength": 3.0,
      "Manufacturer": "SIEMENS",
      "ManufacturerModelName": "TrioTim",
      "MedicalAlerts": "MEDALERTS",
      "Modality": "MR",
      "NumberOfAverages": 1.0,
      "NumberOfPhaseEncodingSteps": 255,
      "PercentPhaseFieldOfView": 100.0,
      "PercentSampling": 100.0,
      "PerformedProcedureStepStartTime": "133513.390000",
      "PhotometricInterpretation": "MONOCHROME2",
      "PixelBandwidth": 195.0,
      "PixelRepresentation": 0,
      "PixelSpacing": [1.0, 1.0],
      "ProtocolName": "MPRAGE_p2_1mm_iso",
      "RepetitionTime": 2530.0,
      "RequestAttributesSequence": [
        {
          "RequestedProcedureID": "48c98c94-0a7f-48",
          "ScheduledProcedureStepDescription": "Unknown",
          "ScheduledProcedureStepID": "48c98c94-0a7f-48"
        }
],
      "Rows": 256,
      "SAR": 0.07718293483169,
      "SamplesPerPixel": 1,
      "ScanOptions": "IR",
      "ScanningSequence": [
        "GR",
        "IR"
],
      "SequenceName": "tfl3d1_ns",
      "SequenceVariant": [
        "SP",
        "MP"
],
      "SeriesDescription": "MPRAGE_p2_1mm_iso",
      "SeriesNumber": 2,
      "SeriesTime": "134504.312000",
      "SliceThickness": 1.0,
      "SmallestImagePixelValue": 0,
      "SoftwareVersions": "syngo MR B17",
      "SpecificCharacterSet": "ISO_IR 100",
      "StudyID": "48c98c94-0a7f-48",
      "StudyTime": "133513.312000",
      "TransmitCoilName": "Body",
      "VariableFlipAngleFlag": "N",
      "WindowCenterWidthExplanation": "Algo1",
      "dBdt": 0.0},
