{
    "Modality":"MR",
    "MagneticFieldStrength":3,
    "ImagingFrequency":123.255524,
    "Manufacturer":"Siemens",
    "ManufacturersModelName":"TrioTim",
    "InstitutionName":"ICNAS",
    "InstitutionalDepartmentName":"Department",
    "InstitutionAddress":"Azinhaga Santa Comba StreetNo,Coimbra,District,PT,3000",
    "DeviceSerialNumber":"35377",
    "StationName":"MRC35377",
    "PatientPosition":"HFS",
    "ProcedureStepDescription":"Unknown",
    "SoftwareVersions":"syngo MR B17",
    "MRAcquisitionType":"3D",
    "SeriesDescription":"MPRAGE_p2_1mm_iso",
    "ProtocolName":"MPRAGE_p2_1mm_iso",
    "ScanningSequence":"GR\\IR",
    "SequenceVariant":"SP\\MP",
    "ScanOptions":"IR",
    "SequenceName":"tfl3d1_ns",
    "ImageType":[
        "ORIGINAL",
        "PRIMARY",
        "M",
        "ND",
        "NORM"
    ],
    "NonlinearGradientCorrection":false,
    "SeriesNumber":2,
    "AcquisitionTime":"14:42:5.042500",
    "AcquisitionNumber":1,
    "SliceThickness":1,
    "SAR":0.0682181,
    "EchoTime":0.00342,
    "RepetitionTime":2.53,
    "InversionTime":1.1,
    "FlipAngle":7,
    "PartialFourier":1,
    "BaseResolution":256,
    "ShimSetting":[
        15835,
        7534,
        21313,
        250,
        321,
        30,
        21,
        -65
    ],
    "TxRefAmp":333.267,
    "PhaseResolution":1,
    "ReceiveCoilName":"HeadMatrix",
    "CoilString":"t:HEA;HEP",
    "PulseSequenceDetails":"%CustomerSeq%\\Andre\\tfl_mgh_multiecho",
    "RefLinesPE":32,
    "CoilCombinationMethod":"Adaptive Combine",
    "MatrixCoilMode":"GRAPPA",
    "PercentPhaseFOV":100,
    "PercentSampling":100,
    "PhaseEncodingSteps":255,
    "AcquisitionMatrixPE":256,
    "ReconMatrixPE":256,
    "ParallelReductionFactorInPlane":2,
    "PixelBandwidth":195,
    "DwellTime":1e-05,
    "ImageOrientationPatientDICOM":[
        0.0905604,
        0.995891,
        2.45884e-08,
        0.0226544,
        -0.00206003,
        -0.999741
    ],
    "ImageOrientationText":"Sag>Cor(5.2)>Tra(-1.3)",
    "InPlanePhaseEncodingDirectionDICOM":"ROW",
    "ConversionSoftware":"dcm2niix",
    "ConversionSoftwareVersion":"v1.0.20230411"
}